NUGET
  remote: https://www.nuget.org/api/v2
  specs:
    Castle.Core (3.3.3) - framework: >= net45
    FAKE (4.28)
    Moq (4.5.9)
      Castle.Core (>= 3.3.3) - framework: >= net45
    NUnit (3.2.1)
    NUnit.ConsoleRunner (3.2.1)
    NUnit.Extension.NUnitProjectLoader (3.2.1)
    NUnit.Extension.NUnitV2Driver (3.2.1)
    NUnit.Extension.NUnitV2ResultWriter (3.2.1)
    NUnit.Extension.VSProjectLoader (3.2.1)
    NUnit.Runners (3.2.1)
      NUnit.ConsoleRunner (3.2.1)
      NUnit.Extension.NUnitProjectLoader (3.2.1)
      NUnit.Extension.NUnitV2Driver (3.2.1)
      NUnit.Extension.NUnitV2ResultWriter (3.2.1)
      NUnit.Extension.VSProjectLoader (3.2.1)
